PATH
  remote: .
  specs:
    rubyscholar (0.2.1)
      activesupport (~> 4.0, >= 4.2)
      commander (~> 4.1, >= 4.1.5)
      nokogiri (~> 1.6, >= 1.6.0)
      racc (~> 1.4.0, >= 1.4.0)

GEM
  remote: https://rubygems.org/
  specs:
    activesupport (4.2.11.3)
      i18n (~> 0.7)
      minitest (~> 5.1)
      thread_safe (~> 0.3, >= 0.3.4)
      tzinfo (~> 1.1)
    commander (4.6.0)
      highline (~> 2.0.0)
    concurrent-ruby (1.1.9)
    highline (2.0.3)
    i18n (0.9.5)
      concurrent-ruby (~> 1.0)
    mini_portile2 (2.6.1)
    minitest (5.14.4)
    nokogiri (1.12.5)
      mini_portile2 (~> 2.6.1)
      racc (~> 1.4)
    racc (1.4.16)
    thread_safe (0.3.6)
    tzinfo (1.2.9)
      thread_safe (~> 0.1)

PLATFORMS
  ruby

DEPENDENCIES
  rubyscholar!

BUNDLED WITH
   2.1.4
